GEM
  remote: https://rubygems.org/
  specs:
    aws-sdk-core (2.10.11)
      aws-sigv4 (~> 1.0)
      jmespath (~> 1.0)
    aws-sigv4 (1.0.1)
    concurrent-ruby (1.0.5)
    jmespath (1.3.1)
    shoryuken (3.1.3)
      aws-sdk-core (> 2)
      concurrent-ruby
      thor
    thor (0.19.4)

PLATFORMS
  ruby

DEPENDENCIES
  shoryuken (~> 3.1.3)

BUNDLED WITH
   1.15.1
